NUGET
  remote: https://nuget.org/api/v2
  specs:
    FAKE (4.4.2)
    FSharp.Configuration (0.5.3)
    FSharp.Data (2.2.5)
      Zlib.Portable (>= 1.10.0) - framework: portable-net40+sl50+wp80+win80
    Newtonsoft.Json (7.0.1)
    Zlib.Portable (1.11.0) - framework: portable-net40+sl50+wp80+win80
  remote: http://nuget.beyondgames.io/nuget
  specs:
    FsPickler-BeyondGames (3.0.0)
    websocket-sharp-BeyondGames (1.0.0)
